GEM
  remote: http://rubygems.org/
  specs:
    em-dir-watcher (0.9.4)
    em-websocket (0.5.0)
      eventmachine (>= 0.12.9)
      http_parser.rb (~> 0.5.3)
    eventmachine (1.0.3)
    http_parser.rb (0.5.3)
    json (1.7.7)
    livereload (1.6.1)
      em-dir-watcher (>= 0.1)
      em-websocket (>= 0.3.5)
      json (>= 1.5.3)
    rack (1.5.2)
    rack-protection (1.5.0)
      rack
    sinatra (1.3.6)
      rack (~> 1.4)
      rack-protection (~> 1.3)
      tilt (~> 1.3, >= 1.3.3)
    tilt (1.3.7)

PLATFORMS
  ruby

DEPENDENCIES
  livereload (~> 1.6.1)
  sinatra (~> 1.3.4)
